PATH
  remote: .
  specs:
    gapbammon (0.0.1)

GEM
  remote: https://rubygems.org/
  specs:
    colored (1.2)
    highline (1.6.14)
    rake (0.9.2.2)

PLATFORMS
  ruby

DEPENDENCIES
  colored
  gapbammon!
  highline
  rake
